PATH
  remote: .
  specs:
    vimeo_api_client (0.1.11)
      hashie
      httparty

GEM
  remote: https://rubygems.org/
  specs:
    hashie (3.5.6)
    httparty (0.15.6)
      multi_xml (>= 0.5.2)
    minitest (5.8.5)
    multi_xml (0.6.0)
    rake (10.4.2)

PLATFORMS
  ruby

DEPENDENCIES
  bundler (~> 1.16)
  minitest (~> 5.0)
  rake (~> 10.0)
  vimeo_api_client!

BUNDLED WITH
   1.16.0
